GEM
  remote: https://rubygems.org/
  specs:
    rake (13.0.6)

PLATFORMS
  x86_64-darwin-17
  x86_64-darwin-20

DEPENDENCIES
  rake

RUBY VERSION
   ruby 3.1.0p0

BUNDLED WITH
   2.3.4
