GEM
  remote: https://rubygems.org/
  specs:
    rake (13.0.6)
    rake-contrib (1.0.0)
      rake

PLATFORMS
  x86_64-darwin-17

DEPENDENCIES
  rake
  rake-contrib

RUBY VERSION
   ruby 2.6.5p114

BUNDLED WITH
   2.3.4
